GEM
  remote: https://rubygems.org/
  specs:
    activesupport (4.0.0)
      i18n (~> 0.6, >= 0.6.4)
      minitest (~> 4.2)
      multi_json (~> 1.3)
      thread_safe (~> 0.1)
      tzinfo (~> 0.3.37)
    atomic (1.1.10)
    atomic (1.1.10-java)
    diff-lcs (1.1.3)
    i18n (0.6.4)
    logeasy (0.0.8)
    minitest (4.7.5)
    multi_json (1.7.7)
    multipart-post (1.1.5)
    properties-ruby (0.0.4)
      logeasy (>= 0.0.4)
    rake (0.9.2.2)
    rspec (2.11.0)
      rspec-core (~> 2.11.0)
      rspec-expectations (~> 2.11.0)
      rspec-mocks (~> 2.11.0)
    rspec-core (2.11.1)
    rspec-expectations (2.11.3)
      diff-lcs (~> 1.1.3)
    rspec-mocks (2.11.3)
    rubyzip (0.9.9)
    thor (0.17.0)
    thread_safe (0.1.0)
      atomic
    tzinfo (0.3.37)

PLATFORMS
  java
  ruby

DEPENDENCIES
  activesupport
  multipart-post
  properties-ruby
  rake
  rspec
  rubyzip
  thor
