GEM
  remote: https://rubygems.org/
  specs:
    diff-lcs (1.1.3)
    multipart-post (1.1.5)
    rake (0.9.2.2)
    rspec (2.11.0)
      rspec-core (~> 2.11.0)
      rspec-expectations (~> 2.11.0)
      rspec-mocks (~> 2.11.0)
    rspec-core (2.11.1)
    rspec-expectations (2.11.3)
      diff-lcs (~> 1.1.3)
    rspec-mocks (2.11.3)
    rubyzip (0.9.9)
    thor (0.17.0)

PLATFORMS
  java
  ruby

DEPENDENCIES
  multipart-post
  rake
  rspec
  rubyzip
  thor
